GEM
  remote: https://rubygems.org/
  specs:
    chunky_png (1.3.1)
    coffee-script (2.3.0)
      coffee-script-source
      execjs
    coffee-script-source (1.7.1)
    compass (1.0.0)
      chunky_png (~> 1.2)
      compass-core (~> 1.0.0)
      compass-import-once (~> 1.0.5)
      rb-fsevent (>= 0.9.3)
      rb-inotify (>= 0.9)
      sass (>= 3.3.13, < 3.5)
    compass-core (1.0.0)
      multi_json (~> 1.0)
      sass (>= 3.3.0, < 3.5)
    compass-import-once (1.0.5)
      sass (>= 3.2, < 3.5)
    execjs (2.2.1)
    ffi (1.9.3)
    multi_json (1.10.1)
    rainbow (2.0.0)
    rake (10.3.2)
    rb-fsevent (0.9.4)
    rb-inotify (0.9.5)
      ffi (>= 0.5.0)
    sass (3.3.14)
    scss-lint (0.25.1)
      rainbow (~> 2.0)
      sass (~> 3.3.0)

PLATFORMS
  ruby

DEPENDENCIES
  coffee-script
  compass (~> 1.0.0)
  rake
  sass (~> 3.3.14)
  scss-lint (= 0.25.1)
